GEM
  remote: https://rubygems.org/
  specs:
    addressable (2.3.8)
    json (1.8.1)
    mime-types (1.25.1)
    require_all (1.3.3)
    rest-client (1.6.9)
      mime-types (~> 1.16)
    terminal-table (1.5.2)
    unirest (1.1.2)
      addressable (~> 2.3.5)
      json (~> 1.8.1)
      rest-client (~> 1.6.7)

PLATFORMS
  ruby
  x64-mingw32
  x86-mingw32

DEPENDENCIES
  require_all (= 1.3.3)
  terminal-table (= 1.5.2)
  unirest (= 1.1.2)

BUNDLED WITH
   1.11.2
